GEM
  remote: https://rubygems.org/
  specs:
    builder (3.2.3)
    coderay (1.1.2)
    faraday (0.15.4)
      multipart-post (>= 1.2, < 3)
    method_source (0.9.2)
    multipart-post (2.0.0)
    nypl_log_formatter (0.1.3)
    pry (0.11.3)
      coderay (~> 1.1.0)
      method_source (~> 0.9.0)
    rsolr (2.2.1)
      builder (>= 2.1.2)
      faraday (>= 0.9.0)

PLATFORMS
  ruby

DEPENDENCIES
  nypl_log_formatter (~> 0.1.3)
  pry (~> 0.11.3)
  rsolr (~> 2.2, >= 2.2.1)

BUNDLED WITH
   1.17.2
