GEM
  remote: https://rubygems.org/
  specs:
    coderay (1.1.3)
    dalli (2.7.11)
    gdbm (2.1.0)
    highline (2.0.3)
    method_source (1.0.0)
    options (2.3.2)
    progress_bar (1.3.3)
      highline (>= 1.6, < 3)
      options (~> 2.3.0)
    pry (0.14.1)
      coderay (~> 1.1)
      method_source (~> 1.0)
    redis (4.2.5)
    rufo (0.12.0)

PLATFORMS
  ruby

DEPENDENCIES
  dalli
  gdbm
  progress_bar
  pry
  redis
  rufo

RUBY VERSION
   ruby 2.7.3p183

BUNDLED WITH
   2.1.4
