GEM
  remote: https://rubygems.org/
  specs:
    builder (3.2.3)
    coderay (1.1.2)
    diff-lcs (1.3)
    method_source (0.9.2)
    nypl_log_formatter (0.1.3)
    pry (0.11.3)
      coderay (~> 1.1.0)
      method_source (~> 0.9.0)
    rack (2.0.7)
    rack-test (1.1.0)
      rack (>= 1.0, < 3)
    rsolr (1.0.10)
      builder (>= 2.1.2)
    rsolr-ext (1.0.3)
      rsolr (>= 1.0.2)
    rspec (3.8.0)
      rspec-core (~> 3.8.0)
      rspec-expectations (~> 3.8.0)
      rspec-mocks (~> 3.8.0)
    rspec-core (3.8.0)
      rspec-support (~> 3.8.0)
    rspec-expectations (3.8.2)
      diff-lcs (>= 1.2.0, < 2.0)
      rspec-support (~> 3.8.0)
    rspec-mocks (3.8.0)
      diff-lcs (>= 1.2.0, < 2.0)
      rspec-support (~> 3.8.0)
    rspec-support (3.8.0)

PLATFORMS
  ruby

DEPENDENCIES
  nypl_log_formatter (~> 0.1.3)
  pry (~> 0.11.3)
  rack-test
  rsolr (= 1.0.10)
  rsolr-ext (= 1.0.3)
  rspec

BUNDLED WITH
   1.17.2
