GEM
  remote: https://rubygems.org/
  specs:
    coderay (1.1.2)
    method_source (0.9.2)
    nypl_log_formatter (0.1.3)
    pry (0.11.3)
      coderay (~> 1.1.0)
      method_source (~> 0.9.0)

PLATFORMS
  ruby

DEPENDENCIES
  nypl_log_formatter (~> 0.1.3)
  pry (~> 0.11.3)

BUNDLED WITH
   1.17.2
