GEM
  remote: https://rubygems.org/
  specs:
    coderay (1.1.3)
    dalli (2.7.11)
    gdbm (2.1.0)
    method_source (1.0.0)
    pry (0.14.1)
      coderay (~> 1.1)
      method_source (~> 1.0)
    redis (4.2.5)
    ruby-prof (1.4.3)
    rufo (0.12.0)
    strings-ansi (0.2.0)
    tty-cursor (0.7.1)
    tty-progressbar (0.18.2)
      strings-ansi (~> 0.2)
      tty-cursor (~> 0.7)
      tty-screen (~> 0.8)
      unicode-display_width (>= 1.6, < 3.0)
    tty-screen (0.8.1)
    unicode-display_width (2.0.0)

PLATFORMS
  ruby

DEPENDENCIES
  dalli
  gdbm
  pry
  redis
  ruby-prof
  rufo
  tty-progressbar

RUBY VERSION
   ruby 2.7.3p183

BUNDLED WITH
   2.1.4
